GIT
  remote: https://github.com/codecov/codecov-ruby.git
  revision: a0c05854b01ab1d4236616e1cb31a5f3b7e6c9c8
  ref: v0.1.20
  specs:
    codecov (0.1.20)
      colorize
      json
      simplecov

GIT
  remote: https://github.com/macdiesel/mongoid-tree
  revision: b381dd56f1b3b061df8f4b4181d5440dea1602d1
  specs:
    mongoid-tree (2.0.0)
      mongoid (>= 4.0, <= 5.0)

GIT
  remote: https://github.com/navneet35371/voteable_mongo.git
  revision: 55fcfe76705ab5da1c9e5670594331b33954c545
  specs:
    rs_voteable_mongo (1.0.2)
      mongoid (>= 3.0, <= 5.0)

GIT
  remote: https://github.com/rack/rack-contrib.git
  revision: 6ff3ca2b2d988911ca52a2712f6a7da5e064aa27
  ref: 6ff3ca2b2d988911ca52a2712f6a7da5e064aa27
  specs:
    rack-contrib (1.2.0)
      rack (>= 0.9.1)

GEM
  remote: https://rubygems.org/
  specs:
    activemodel (4.2.11.3)
      activesupport (= 4.2.11.3)
      builder (~> 3.1)
    activesupport (4.2.11.3)
      i18n (~> 0.7)
      minitest (~> 5.1)
      thread_safe (~> 0.3, >= 0.3.4)
      tzinfo (~> 1.1)
    ansi (1.5.0)
    bson (3.2.7)
    bson_ext (1.5.1)
    builder (3.2.4)
    coderay (1.1.3)
    colorize (0.8.1)
    concurrent-ruby (1.1.7)
    dalli (2.7.11)
    delayed_job (4.1.8)
      activesupport (>= 3.0, < 6.1)
    delayed_job_mongoid (2.2.0)
      delayed_job (>= 3.0, < 5)
      mongoid (>= 3.0, < 6)
      mongoid-compatibility
    diff-lcs (1.1.3)
    docile (1.3.2)
    domain_name (0.5.20190701)
      unf (>= 0.0.5, < 1.0.0)
    enumerize (0.11.0)
      activesupport (>= 3.2)
    factory_girl (4.9.0)
      activesupport (>= 3.0.0)
    faker (1.6.1)
      i18n (~> 0.5)
    ffi (1.10.0)
    formatador (0.2.5)
    guard (2.16.2)
      formatador (>= 0.2.4)
      listen (>= 2.7, < 4.0)
      lumberjack (>= 1.0.12, < 2.0)
      nenv (~> 0.1)
      notiffany (~> 0.0)
      pry (>= 0.9.12)
      shellany (~> 0.0)
      thor (>= 0.18.1)
    guard-unicorn (0.2.0)
      guard (>= 1.1)
    hashr (0.0.22)
    http-cookie (1.0.3)
      domain_name (~> 0.5)
    i18n (0.9.5)
      concurrent-ruby (~> 1.0)
    json (1.8.3)
    kgio (2.11.3)
    listen (3.0.8)
      rb-fsevent (~> 0.9, >= 0.9.4)
      rb-inotify (~> 0.9, >= 0.9.7)
    lumberjack (1.0.13)
    method_source (0.9.2)
    mime-types (2.99.3)
    mini_portile2 (2.1.0)
    minitest (5.12.0)
    mongo (2.1.2)
      bson (~> 3.0)
    mongoid (5.0.0)
      activemodel (~> 4.0)
      mongo (~> 2.1)
      origin (~> 2.1)
      tzinfo (>= 0.3.37)
    mongoid-compatibility (0.5.1)
      activesupport
      mongoid (>= 2.0)
    mongoid_cleaner (1.2.0)
      mongoid (>= 4.0)
    mongoid_magic_counter_cache (1.1.1)
      mongoid
      rake
    multi_json (1.15.0)
    nenv (0.3.0)
    netrc (0.11.0)
    newrelic_rpm (3.16.3.323)
    nokogiri (1.6.8.1)
      mini_portile2 (~> 2.1.0)
    notiffany (0.1.3)
      nenv (~> 0.1)
      shellany (~> 0.0)
    origin (2.3.1)
    protected_attributes (1.1.4)
      activemodel (>= 4.0.1, < 5.0)
    pry (0.12.2)
      coderay (~> 1.1.0)
      method_source (~> 0.9.0)
    pry-nav (0.3.0)
      pry (>= 0.9.10, < 0.13.0)
    rack (1.6.13)
    rack-protection (1.5.5)
      rack
    rack-test (0.7.0)
      rack (>= 1.0, < 3)
    rack-timeout (0.3.2)
    raindrops (0.19.1)
    rake (10.4.2)
    rb-fsevent (0.10.4)
    rb-inotify (0.9.10)
      ffi (>= 0.5.0, < 2)
    rdiscount (2.2.0.2)
    rest-client (1.8.0)
      http-cookie (>= 1.0.2, < 2.0)
      mime-types (>= 1.16, < 3.0)
      netrc (~> 0.7)
    rspec (2.11.0)
      rspec-core (~> 2.11.0)
      rspec-expectations (~> 2.11.0)
      rspec-mocks (~> 2.11.0)
    rspec-core (2.11.1)
    rspec-expectations (2.11.3)
      diff-lcs (~> 1.1.3)
    rspec-mocks (2.11.3)
    shellany (0.0.1)
    simplecov (0.17.1)
      docile (~> 1.1)
      json (>= 1.8, < 3)
      simplecov-html (~> 0.10.0)
    simplecov-html (0.10.2)
    sinatra (1.4.8)
      rack (~> 1.5)
      rack-protection (~> 1.4)
      tilt (>= 1.3, < 3)
    thor (0.20.3)
    thread_safe (0.3.6)
    tilt (2.0.10)
    tire (0.6.2)
      activemodel (>= 3.0)
      activesupport
      ansi
      hashr (~> 0.0.19)
      multi_json (~> 1.3)
      rake
      rest-client (~> 1.6)
    tire-contrib (0.1.3)
      tire
    tzinfo (1.2.7)
      thread_safe (~> 0.1)
    unf (0.1.4)
      unf_ext
    unf_ext (0.0.7.7)
    unicorn (5.7.0)
      kgio (~> 2.6)
      raindrops (~> 0.7)
    will_paginate (3.2.1)
    will_paginate_mongoid (2.0.1)
      mongoid
      will_paginate (~> 3.0)
    yajl-ruby (1.4.1)

PLATFORMS
  ruby

DEPENDENCIES
  bson (~> 3.1)
  bson_ext
  bundler
  codecov!
  dalli
  delayed_job
  delayed_job_mongoid (= 2.2.0)
  enumerize (= 0.11.0)
  factory_girl (~> 4.0)
  faker (= 1.6.1)
  guard
  guard-unicorn
  i18n
  json (= 1.8.3)
  mongoid (~> 5.0.0)
  mongoid-tree!
  mongoid_cleaner (~> 1.2.0)
  mongoid_magic_counter_cache
  newrelic_rpm (~> 3.16.0)
  nokogiri (~> 1.6.8)
  protected_attributes
  pry
  pry-nav
  rack-contrib!
  rack-test
  rack-timeout (= 0.3.2)
  rake (= 10.4.2)
  rdiscount
  rest-client
  rs_voteable_mongo!
  rspec (~> 2.11.0)
  sinatra
  tire (= 0.6.2)
  tire-contrib
  unicorn
  will_paginate_mongoid (~> 2.0)
  yajl-ruby

RUBY VERSION
   ruby 1.9.3p551

BUNDLED WITH
   1.16.6
